GEM
  remote: https://rubygems.org/
  specs:
    coderay (1.1.0)
    method_source (0.8.2)
    pry (0.10.1)
      coderay (~> 1.1.0)
      method_source (~> 0.8.1)
      slop (~> 3.4)
    ruby-ole (1.2.11.8)
    rubysl-rexml (2.0.4)
    slop (3.6.0)
    spreadsheet (1.0.3)
      ruby-ole (>= 1.0)

PLATFORMS
  ruby

DEPENDENCIES
  pry (~> 0.10.1)
  rubysl-rexml (~> 2.0.4)
  spreadsheet (~> 1.0.3)
